GEM
  remote: https://rubygems.org/
  specs:
    addressable (2.8.1)
      public_suffix (>= 2.0.2, < 6.0)
    ansi (1.5.0)
    ast (2.3.0)
    autoprefixer-rails (6.7.6)
      execjs
    colorator (1.1.0)
    css_parser (1.4.9)
      addressable
    execjs (2.7.0)
    ffi (1.9.18)
    forwardable-extended (2.6.0)
    i18n (0.8.1)
    image_size (1.5.0)
    jekyll (3.4.0)
      addressable (~> 2.4)
      colorator (~> 1.0)
      jekyll-sass-converter (~> 1.0)
      jekyll-watch (~> 1.1)
      kramdown (~> 1.3)
      liquid (~> 3.0)
      mercenary (~> 0.3.3)
      pathutil (~> 0.9)
      rouge (~> 1.7)
      safe_yaml (~> 1.0)
    jekyll-paginate (1.1.0)
    jekyll-sass-converter (1.5.0)
      sass (~> 3.4)
    jekyll-watch (1.5.0)
      listen (~> 3.0, < 3.1)
    kramdown (1.13.2)
    liquid (3.0.6)
    listen (3.0.8)
      rb-fsevent (~> 0.9, >= 0.9.4)
      rb-inotify (~> 0.9, >= 0.9.7)
    mercenary (0.3.6)
    oga (2.9)
      ast
      ruby-ll (~> 2.1)
    pathutil (0.14.0)
      forwardable-extended (~> 2.6)
    public_suffix (5.0.0)
    rb-fsevent (0.9.8)
    rb-inotify (0.9.8)
      ffi (>= 0.5.0)
    rouge (1.11.1)
    ruby-ll (2.1.2)
      ansi
      ast
    safe_yaml (1.0.4)
    sass (3.4.23)

PLATFORMS
  ruby

DEPENDENCIES
  autoprefixer-rails
  css_parser
  i18n
  image_size
  jekyll (= 3.4.0)
  jekyll-paginate
  oga
  tzinfo-data

RUBY VERSION
   ruby 2.3.1p112

BUNDLED WITH
   1.14.6
